GEM
  remote: http://rubygems.org/
  specs:
    RedCloth (4.2.3)
    builder (3.0.0)
    compass (0.10.6)
      haml (>= 3.0.4)
    configuration (1.2.0)
    crack (0.1.8)
    grid-coordinates (1.1.0)
      compass (>= 0.10.5)
    haml (3.0.12)
    heroku (1.15.1)
      json_pure (>= 1.2.0, < 1.5.0)
      launchy (~> 0.3.2)
      rest-client (>= 1.4.0, < 1.7.0)
    highline (1.6.1)
    json_pure (1.4.6)
    launchy (0.3.7)
      configuration (>= 0.0.5)
      rake (>= 0.8.1)
    maruku (0.6.0)
      syntax (>= 1.0.0)
    mime-types (1.16)
    nesta (0.9.2)
      RedCloth (~> 4.2)
      builder (~> 3.0)
      haml (~> 3.0)
      maruku (>= 0.6.0)
      shotgun (>= 0.8)
      sinatra (= 1.1.2)
    oauth (0.4.4)
    rack (1.2.1)
    rake (0.8.7)
    rest-client (1.6.1)
      mime-types (>= 1.16)
    shotgun (0.8)
      rack (>= 1.0)
    sinatra (1.1.2)
      rack (~> 1.1)
      tilt (~> 1.2)
    syntax (1.0.0)
    tilt (1.2.1)
    tumblr-rb (1.3.0)
      highline (>= 1.5.2)
      weary (>= 0.7.1)
    weary (0.7.2)
      crack (>= 0.1.7)
      oauth (>= 0.3.5)

PLATFORMS
  ruby

DEPENDENCIES
  compass (~> 0.10.6)
  grid-coordinates (~> 1.1.0)
  heroku
  nesta (= 0.9.2)
  tumblr-rb
