GEM
  remote: http://rubygems.org/
  specs:
    RedCloth (4.2.7)
    activesupport (3.0.5)
    compass (0.10.6)
      haml (>= 3.0.4)
    configuration (1.2.0)
    grid-coordinates (1.1.4)
      compass (>= 0.10.5)
    haml (3.0.25)
    heroku (1.19.1)
      activesupport (>= 2.1.0)
      launchy (~> 0.3.2)
      rest-client (>= 1.4.0, < 1.7.0)
    launchy (0.3.7)
      configuration (>= 0.0.5)
      rake (>= 0.8.1)
    maruku (0.6.0)
      syntax (>= 1.0.0)
    meyer-reset (2.0.0)
      compass (>= 0.10.5)
    mime-types (1.16)
    nesta (0.9.4)
      RedCloth (~> 4.2)
      haml (~> 3.0)
      maruku (>= 0.6.0)
      shotgun (>= 0.8)
      sinatra (= 1.1.2)
    rack (1.2.2)
    rake (0.8.7)
    rest-client (1.6.1)
      mime-types (>= 1.16)
    shotgun (0.9)
      rack (>= 1.0)
    sinatra (1.1.2)
      rack (~> 1.1)
      tilt (~> 1.2)
    syntax (1.0.0)
    tilt (1.2.2)

PLATFORMS
  ruby

DEPENDENCIES
  compass (~> 0.10.6)
  grid-coordinates (~> 1.1.4)
  heroku
  maruku (~> 0.6.0)
  meyer-reset (>= 2.0.0)
  nesta (= 0.9.4)
